GEM
  remote: https://rubygems.org/
  specs:
    actionmailer (2.3.18)
      actionpack (= 2.3.18)
    actionpack (2.3.18)
      activesupport (= 2.3.18)
      rack (~> 1.1.0)
    activerecord (2.3.18)
      activesupport (= 2.3.18)
    activeresource (2.3.18)
      activesupport (= 2.3.18)
    activesupport (2.3.18)
    execjs (1.4.0)
      multi_json (~> 1.0)
    libv8 (3.11.8.17)
    multi_json (1.7.9)
    mysql (2.9.1)
    rack (1.1.6)
    rails (2.3.18)
      actionmailer (= 2.3.18)
      actionpack (= 2.3.18)
      activerecord (= 2.3.18)
      activeresource (= 2.3.18)
      activesupport (= 2.3.18)
      rake (>= 0.8.3)
    rake (0.8.7)
    ref (1.0.5)
    therubyracer (0.11.4)
      libv8 (~> 3.11.8.12)
      ref

PLATFORMS
  ruby

DEPENDENCIES
  execjs (>= 1.4.0)
  mysql
  rails (= 2.3.18)
  rake (= 0.8.7)
  therubyracer
